GEM
  remote: https://rubygems.org/
  specs:
    metaclass (0.0.4)
    mocha (1.2.1)
      metaclass (~> 0.0.1)
    power_assert (1.0.2)
    test-unit (3.2.5)
      power_assert

PLATFORMS
  ruby

DEPENDENCIES
  mocha
  test-unit

BUNDLED WITH
   1.14.3
